GEM
  specs:
    ansi (1.5.0)
    builder (3.2.2)
    color_pound_spec_reporter (0.0.2)
    minitest (5.5.1)
    minitest-reporters (1.0.11)
      ansi
      builder
      minitest (>= 5.0)
      ruby-progressbar
    ruby-progressbar (1.7.1)

PLATFORMS
  ruby

DEPENDENCIES
  color_pound_spec_reporter
  minitest
  minitest-reporters
